##TITLE= Parameter file, TOPSPIN		Version 3.2
##JCAMPDX= 5.0
##DATATYPE= Parameter Values
##NPOINTS= 1659	$$ modification sequence number
##ORIGIN= Bruker BioSpin GmbH
##OWNER= nmrsu
$$ 2017-10-12 12:15:34.739 +0300  nmr@av400
$$ C:/Bruker/TOPSPIN/conf/instr/spect/specpar
$$ process C:\Bruker\TOPSPIN\prog\mod\cprserver.exe
##$HPPRECH= (0..15)
-1 -1 -1 -1 -1 -1 -1 -1 -1 -1 -1 -1 -1 -1 -1 -1
##$NUC1= 6
##$NUC2= 0
##$NUC3= 0
##$NUC4= 0
##$NUC5= 0
##$NUC6= 0
##$NUC7= 0
##$NUC8= 0
##$NUCARR= (0..123)
400.17 400.17 61.428531 426.837225 304.847253 58.889361 155.521257 56.23114
42.992896 128.390439 100.622827 28.907821 40.548874 54.248874 376.536004
31.590605 105.852568 24.496947 104.271733 79.502522 161.991785 30.717049
39.208292 32.636764 18.673425 10.249575 26.931557 97.208284 22.55972 22.565735
39.898185 105.256507 22.619593 99.199014 12.956616 94.948632 35.759395
106.106968 113.663058 25.037849 96.046219 122.038661 13.95919 68.519564
76.318474 20.879758 100.258512 108.071983 15.396941 38.636185 130.937441
17.342656 19.609122 37.200996 97.946289 26.078783 26.626091 90.071568 18.428433
20.654251 12.751205 18.312179 16.198157 18.622043 84.897986 88.810428 87.500191
87.687767 130.930617 142.589611 149.225922 95.76299 51.858899 104.723457
126.252711 80.063957 111.288021 32.989699 52.486865 39.754717 44.470604
52.799631 56.526577 122.532054 21.809265 13.445712 16.687089 13.765848
99.482262 43.938666 12.285219 16.126851 96.200868 13.765848 19.288194 85.396278
11.524896 33.174093 70.026973 19.292195 45.635387 32.537822 16.034812 10.072279
47.978782 16.672631 90.136692 91.045078 9.133204 31.074801 6.87492 7.48718
86.023681 6.91894 71.673736 26.457572 228.589909 230.833415 83.717961 64.30447
7.368731 100 100 100
##$OFFSF= (0..7)
-37653.7999999869 0 0 0 0 0 0 0
##$OFFSH= (0..7)
1600.69999998314 3256.6 0 0 0 0 0 0
##$OFFSX= (0..7)
8099.60000000842 8682.8 0 0 0 0 0 0
##$PRECHAN= (0..15)
-1 2 0 1 -1 -1 -1 -1 -1 -1 -1 -1 -1 -1 -1 -1
##$RECPRE= (0..15)
-1 0 -1 -1 -1 -1 -1 -1 -1 -1 -1 -1 -1 -1 -1 -1
##$RECPRFX= (0..15)
1 0 0 0 0 0 0 0 0 0 0 0 0 0 0 0
##$RECSEL= (0..15)
0 0 1 0 0 0 0 0 0 0 0 0 0 0 0 0
##$SELREC= (0..9)
0 0 0 0 0 0 0 0 0 0
##$SFO1= 155.529357
##$SFO2= 400.17
##$SFO3= 161.983686
##$SFO4= 161.983686
##$SFO5= 161.983686
##$SFO6= 161.983686
##$SFO7= 161.983686
##$SFO8= 161.983686
##END=
